GEM
  remote: http://rubygems.org/
  specs:
    activerecord (2.3.9)
      activesupport (= 2.3.9)
    activesupport (2.3.9)
    axlsx (1.0.10)
      activesupport (>= 2.3.9)
      i18n (>= 0.6.0)
      nokogiri (>= 1.4.1)
      rmagick (>= 2.12.2)
      zip (>= 2.0.2)
    i18n (0.6.0)
    nokogiri (1.5.0)
    rake (0.9.2)
    rdiscount (1.6.8)
    rmagick (2.13.1)
    sqlite3 (1.3.4)
    yard (0.7.3)
    zip (2.0.2)

PLATFORMS
  ruby

DEPENDENCIES
  activerecord (>= 2.3.9)
  axlsx (>= 1.0.10)
  i18n (>= 0.6.0)
  rake (>= 0.9.2)
  rdiscount
  sqlite3
  yard
