PATH
  remote: ~/work/axlsx
  specs:
    axlsx (1.0.10)
      activesupport (>= 2.3.9)
      nokogiri (>= 1.4.1)
      rmagick (>= 2.12.2)
      zip (>= 2.0.2)

GEM
  remote: http://rubygems.org/
  specs:
    activemodel (3.1.3)
      activesupport (= 3.1.3)
      builder (~> 3.0.0)
      i18n (~> 0.6)
    activerecord (3.1.3)
      activemodel (= 3.1.3)
      activesupport (= 3.1.3)
      arel (~> 2.2.1)
      tzinfo (~> 0.3.29)
    activesupport (3.1.3)
      multi_json (~> 1.0)
    arel (2.2.1)
    builder (3.0.0)
    i18n (0.6.0)
    multi_json (1.0.3)
    nokogiri (1.5.0)
    rake (0.9.2.2)
    rmagick (2.13.1)
    tzinfo (0.3.31)
    zip (2.0.2)

PLATFORMS
  ruby

DEPENDENCIES
  activerecord
  axlsx!
  rake
