GEM
  remote: http://rubygems.org/
  specs:
    activemodel (3.1.3)
      activesupport (= 3.1.3)
      builder (~> 3.0.0)
      i18n (~> 0.6)
    activerecord (3.1.3)
      activemodel (= 3.1.3)
      activesupport (= 3.1.3)
      arel (~> 2.2.1)
      tzinfo (~> 0.3.29)
    activesupport (3.1.3)
      multi_json (~> 1.0)
    arel (2.2.1)
    axlsx (1.0.10)
      activesupport (>= 2.3.9)
      i18n (>= 0.6.0)
      nokogiri (>= 1.4.1)
      rmagick (>= 2.12.2)
      zip (>= 2.0.2)
    builder (3.0.0)
    i18n (0.6.0)
    multi_json (1.0.4)
    nokogiri (1.5.0)
    rake (0.9.2.2)
    rdiscount (1.6.8)
    rmagick (2.13.1)
    sqlite3 (1.3.4)
    tzinfo (0.3.31)
    yard (0.7.3)
    zip (2.0.2)

PLATFORMS
  ruby

DEPENDENCIES
  activerecord (>= 3.1.3)
  axlsx (>= 1.0.10)
  i18n (>= 0.6.0)
  rake (>= 0.9.2)
  rdiscount
  sqlite3
  yard
